PATH
  remote: .
  specs:
    reenhanced_bitbucket_api (0.3.2)
      faraday (~> 0.9.0)
      faraday_middleware (~> 0.9.0)
      hashie (>= 3.2)
      multi_json (>= 1.7.5, < 2.0)
      nokogiri (>= 1.5.2)
      simple_oauth (>= 0.3.0)

GEM
  remote: http://rubygems.org/
  specs:
    faraday (0.9.1)
      multipart-post (>= 1.2, < 3)
    faraday_middleware (0.9.1)
      faraday (>= 0.7.4, < 0.10)
    hashie (3.4.0)
    mini_portile (0.6.2)
    multi_json (1.11.0)
    multipart-post (2.0.0)
    nokogiri (1.6.6.2)
      mini_portile (~> 0.6.0)
    rake (10.3.2)
    simple_oauth (0.3.1)

PLATFORMS
  ruby

DEPENDENCIES
  bundler
  rake
  reenhanced_bitbucket_api!
